GEM
  remote: http://rubygems.org/
  specs:
    accoutrement (0.1.10)
      compass (~> 1.0.0.alpha.17)
      sass (~> 3.3.0.rc.1)
    breakpoint (2.0.7)
      compass (>= 0.12.1)
      sass (>= 3.2.0)
    chunky_png (1.3.0)
    compass (1.0.0.alpha.19)
      chunky_png (~> 1.2)
      compass-core (~> 1.0.0.alpha.19)
      compass-import-once (~> 1.0.3)
      json
      listen (~> 1.1.0)
      sass (>= 3.3.0, < 3.5)
    compass-core (1.0.0.alpha.19)
      multi_json (~> 1.0)
      sass (>= 3.3.0, < 3.5)
    compass-import-once (1.0.4)
      sass (>= 3.2, < 3.5)
    ffi (1.9.3)
    json (1.8.1)
    listen (1.1.6)
      rb-fsevent (>= 0.9.3)
      rb-inotify (>= 0.9)
      rb-kqueue (>= 0.2)
    multi_json (1.9.2)
    rb-fsevent (0.9.4)
    rb-inotify (0.9.3)
      ffi (>= 0.5.0)
    rb-kqueue (0.2.2)
      ffi (>= 0.5.0)
    sass (3.3.4)
    susy (2.1.1)
      sass (~> 3.3.0)

PLATFORMS
  ruby

DEPENDENCIES
  accoutrement (~> 0.1.10)
  breakpoint (~> 2.0.7)
  compass (= 1.0.0.alpha.19)
  sass (~> 3.3.4)
  susy (~> 2.1.1)
